PATH
  remote: .
  specs:
    pci_proxy (0.1.0)
      faraday (~> 0.17.3)
      multi_json (~> 1.14.1)

GEM
  remote: https://rubygems.org/
  specs:
    faraday (0.17.3)
      multipart-post (>= 1.2, < 3)
    minitest (5.13.0)
    multi_json (1.14.1)
    multipart-post (2.1.1)
    rake (10.5.0)

PLATFORMS
  java
  ruby

DEPENDENCIES
  bundler (~> 2.0)
  minitest (~> 5.0)
  pci_proxy!
  rake (~> 10.0)

BUNDLED WITH
   2.1.2
