PATH
  remote: .
  specs:
    pci_proxy (1.2.2)
      faraday (>= 0.8.9)
      multi_json (>= 1.10.0)

GEM
  remote: https://rubygems.org/
  specs:
    faraday (1.0.1)
      multipart-post (>= 1.2, < 3)
    minitest (5.13.0)
    multi_json (1.14.1)
    multipart-post (2.1.1)
    rake (13.0.1)

PLATFORMS
  java
  ruby

DEPENDENCIES
  bundler (~> 2.0)
  minitest (~> 5.0)
  pci_proxy!
  rake (~> 13.0)

BUNDLED WITH
   2.1.4
